GEM
  remote: https://rubygems.org/
  specs:
    airbrussh (1.1.2)
      sshkit (>= 1.6.1, != 1.7.0)
    capistrano (3.7.2)
      airbrussh (>= 1.0.0)
      capistrano-harrow
      i18n
      rake (>= 10.0.0)
      sshkit (>= 1.9.0)
    capistrano-bower (1.1.0)
      capistrano (~> 3.0)
    capistrano-harrow (0.5.3)
    capistrano-npm (1.0.2)
      capistrano (>= 3.0.0)
    capistrano-platform-resources (0.1.2)
      capistrano
    capistrano-virtualenv (0.1.1)
      capistrano
      capistrano-platform-resources (>= 0.1.1)
    i18n (0.8.0)
    net-scp (1.2.1)
      net-ssh (>= 2.6.5)
    net-ssh (4.0.1)
    rake (12.0.0)
    sshkit (1.11.5)
      net-scp (>= 1.1.2)
      net-ssh (>= 2.8.0)

PLATFORMS
  ruby

DEPENDENCIES
  capistrano
  capistrano-bower
  capistrano-npm
  capistrano-virtualenv

BUNDLED WITH
   1.14.3
